GEM
  remote: https://rubygems.org/
  specs:
    actionmailer (2.3.5)
      actionpack (= 2.3.5)
    actionpack (2.3.5)
      activesupport (= 2.3.5)
      rack (~> 1.0.0)
    activerecord (2.3.5)
      activesupport (= 2.3.5)
    activeresource (2.3.5)
      activesupport (= 2.3.5)
    activesupport (2.3.5)
    arel (3.0.1)
    builder (3.0.0)
    cgi_multipart_eof_fix (2.5.0)
    daemon_controller (1.2.0)
    daemons (1.1.9)
    declarative_authorization (0.5.1)
    erubis (2.7.0)
    faraday (0.9.1)
      multipart-post (>= 1.2, < 3)
    fastercsv (1.5.5)
    fastthread (1.0.7)
    gem_plugin (0.2.3)
    git (1.2.9.1)
    hike (1.2.1)
    httpauth (0.2.1)
    i18n (0.4.2)
    journey (1.0.2)
    json (1.6.5)
    mail (2.4.1)
      i18n (>= 0.4.0)
      mime-types (~> 1.16)
      treetop (~> 1.4.8)
    mime-types (1.17.2)
    mini_portile2 (2.6.1)
    mongrel (1.1.5)
      cgi_multipart_eof_fix (>= 2.4)
      daemons (>= 1.0.3)
      fastthread (>= 1.0.1)
      gem_plugin (>= 0.2.3)
    multi_json (1.10.1)
    multipart-post (2.0.0)
    mysql (2.9.1)
    nokogiri (1.12.5)
      mini_portile2 (~> 2.6.1)
      racc (~> 1.4)
    oauth2 (0.6.1)
      faraday (~> 0.7)
      httpauth (~> 0.1)
      multi_json (~> 1.3)
    passenger (4.0.59)
      daemon_controller (>= 1.2.0)
      rack
      rake (>= 0.8.1)
    polyglot (0.3.3)
    racc (1.5.2)
    rack (1.0.1)
    rack-cache (1.1)
      rack (>= 0.4)
    rack-ssl (1.3.2)
      rack
    rack-test (0.6.1)
      rack (>= 1.0)
    rails (2.3.5)
      actionmailer (= 2.3.5)
      actionpack (= 2.3.5)
      activerecord (= 2.3.5)
      activeresource (= 2.3.5)
      activesupport (= 2.3.5)
      rake (>= 0.8.3)
    rake (0.8.7)
    rdoc (3.12)
      json (~> 1.4)
    ruby-progressbar (1.7.1)
    rush (0.6.8)
      session
    session (3.2.0)
    sprockets (2.1.2)
      hike (~> 1.2)
      rack (~> 1.0)
      tilt (~> 1.1, != 1.3.0)
    thor (0.14.6)
    tilt (1.3.3)
    treetop (1.4.10)
      polyglot
      polyglot (>= 0.3.1)
    tzinfo (0.3.31)
    validatable (1.6.7)
    vote_fu (0.0.11)

PLATFORMS
  ruby

DEPENDENCIES
  arel (= 3.0.1)
  builder (= 3.0.0)
  daemon_controller (= 1.2.0)
  daemons (= 1.1.9)
  declarative_authorization (= 0.5.1)
  erubis (= 2.7.0)
  faraday (= 0.9.1)
  fastercsv (= 1.5.5)
  fastthread (= 1.0.7)
  git (= 1.2.9.1)
  hike (= 1.2.1)
  httpauth (= 0.2.1)
  i18n (= 0.4.2)
  journey (= 1.0.2)
  json (= 1.6.5)
  mail (= 2.4.1)
  mime-types (= 1.17.2)
  mongrel (= 1.1.5)
  multi_json (= 1.10.1)
  multipart-post (= 2.0.0)
  mysql (= 2.9.1)
  nokogiri (= 1.12.5)
  oauth2 (= 0.6.1)
  passenger (= 4.0.59)
  polyglot (= 0.3.3)
  rack-cache (= 1.1)
  rack-ssl (= 1.3.2)
  rack-test (= 0.6.1)
  rails (= 2.3.5)
  rake (= 0.8.7)
  rdoc (= 3.12)
  ruby-progressbar (= 1.7.1)
  rush (= 0.6.8)
  session (= 3.2.0)
  sprockets (= 2.1.2)
  thor (= 0.14.6)
  tilt (= 1.3.3)
  treetop (= 1.4.10)
  tzinfo (= 0.3.31)
  validatable (= 1.6.7)
  vote_fu (= 0.0.11)

BUNDLED WITH
   1.10.6
